GEM
  remote: https://rubygems.org/
  specs:
    macaddr (1.7.2)
      systemu (~> 2.6.5)
    systemu (2.6.5)
    uuid (2.3.9)
      macaddr (~> 1.0)

PLATFORMS
  x86_64-linux

DEPENDENCIES
  uuid (~> 2.3, >= 2.3.9)

BUNDLED WITH
   2.4.17
